GEM
  remote: http://rubygems.org/
  specs:
    colored (1.2)
    daybreak (0.3.0)
    json (1.8.0)
    rack (1.5.2)
    rack-protection (1.5.0)
      rack
    ruby_parser (3.2.2)
      sexp_processor (~> 4.1)
    sexp_processor (4.3.0)
    sinatra (1.4.3)
      rack (~> 1.4)
      rack-protection (~> 1.4)
      tilt (~> 1.3, >= 1.3.4)
    slim (2.0.0)
      temple (~> 0.6.5)
      tilt (~> 1.3, >= 1.3.3)
    temple (0.6.5)
    tilt (1.4.1)
    tomdoc (0.2.5)
      colored
      ruby_parser (>= 2.0.4)

PLATFORMS
  ruby

DEPENDENCIES
  daybreak
  json
  sinatra
  slim
  tomdoc
